GEM
  remote: https://rubygems.org/
  specs:
    json (1.8.1)
    open-weather (0.10.0)
      json
    rack (1.5.2)
    rack-protection (1.5.1)
      rack
    rubyzip (1.1.7)
    sinatra (1.4.4)
      rack (~> 1.4)
      rack-protection (~> 1.4)
      tilt (~> 1.3, >= 1.3.4)
    sqlite3 (1.3.10)
    tilt (1.4.1)

PLATFORMS
  ruby

DEPENDENCIES
  open-weather
  rubyzip
  sinatra
  sqlite3
