GEM
  remote: https://rubygems.org/
  specs:
    bacon (1.2.0)
    rack (1.6.1)
    rack-protection (1.5.3)
      rack
    rubyzip (1.1.7)
    sequel (4.22.0)
    sinatra (1.4.6)
      rack (~> 1.4)
      rack-protection (~> 1.4)
      tilt (>= 1.3, < 3)
    sinatra-sequel (0.9.0)
      bacon
      sequel (>= 3.2.0)
      sinatra (>= 0.9.4)
    sqlite3 (1.3.10)
    tilt (2.0.1)

PLATFORMS
  ruby

DEPENDENCIES
  rubyzip
  sequel
  sinatra
  sinatra-sequel
  sqlite3
